GEM
  remote: https://rubygems.org/
  specs:
    active_operation (1.0.0)
      activesupport (> 5.0)
      smart_properties (~> 1.17)
    activesupport (7.1.2)
      base64
      bigdecimal
      concurrent-ruby (~> 1.0, >= 1.0.2)
      connection_pool (>= 2.2.5)
      drb
      i18n (>= 1.6, < 2)
      minitest (>= 5.1)
      mutex_m
      tzinfo (~> 2.0)
    addressable (2.8.6)
      public_suffix (>= 2.0.2, < 6.0)
    axiom-types (0.1.1)
      descendants_tracker (~> 0.0.4)
      ice_nine (~> 0.11.0)
      thread_safe (~> 0.3, >= 0.3.1)
    base64 (0.2.0)
    bcrypt_pbkdf (1.1.0)
    bigdecimal (3.1.5)
    byebug (11.1.3)
    coercible (1.0.0)
      descendants_tracker (~> 0.0.1)
    concurrent-ruby (1.2.2)
    connection_pool (2.4.1)
    descendants_tracker (0.0.4)
      thread_safe (~> 0.3, >= 0.3.1)
    drb (2.2.0)
      ruby2_keywords
    droplet_kit (3.20.0)
      faraday (>= 0.15)
      faraday-retry (~> 2.2.0)
      kartograph (~> 0.2.8)
      resource_kit (~> 0.1.5)
      virtus (>= 1.0.3, <= 3)
    ed25519 (1.3.0)
    faraday (2.7.12)
      base64
      faraday-net_http (>= 2.0, < 3.1)
      ruby2_keywords (>= 0.0.4)
    faraday-net_http (3.0.2)
    faraday-retry (2.2.0)
      faraday (~> 2.0)
    i18n (1.14.1)
      concurrent-ruby (~> 1.0)
    ice_nine (0.11.2)
    kartograph (0.2.8)
    minitest (5.20.0)
    mutex_m (0.2.0)
    net-ssh (7.2.0)
    public_suffix (5.0.4)
    resource_kit (0.1.8)
      addressable (>= 2.3.6, < 3.0.0)
    ruby2_keywords (0.0.5)
    smart_properties (1.17.0)
    thread_safe (0.3.6)
    tzinfo (2.0.6)
      concurrent-ruby (~> 1.0)
    virtus (2.0.0)
      axiom-types (~> 0.1)
      coercible (~> 1.0)
      descendants_tracker (~> 0.0, >= 0.0.3)

PLATFORMS
  x86_64-linux

DEPENDENCIES
  active_operation (~> 1.0)
  bcrypt_pbkdf (~> 1.1)
  byebug
  droplet_kit (~> 3.19)
  ed25519 (~> 1.3)
  net-ssh (~> 7.1)

RUBY VERSION
   ruby 3.2.2p53

BUNDLED WITH
   2.4.10
